Brain Vision Data Exchange Header File Version 1.0
; Data created by the Vision Recorder

[Common Infos]
Codepage=UTF-8
DataFile=me3mb3_tr1600_sl54.eeg
MarkerFile=me3mb3_tr1600_sl54.vmrk
DataFormat=BINARY
; Data orientation: MULTIPLEXED=ch1,pt1, ch2,pt1 ...
DataOrientation=MULTIPLEXED
NumberOfChannels=4
; Sampling interval in microseconds
SamplingInterval=200

[Binary Infos]
BinaryFormat=INT_16

[Channel Infos]
; Each entry: Ch<Channel number>=<Name>,<Reference channel name>,
; <Resolution in "Unit">,<Unit>, Future extensions..
; Fields are delimited by commas, some fields might be omitted (empty).
; Commas in channel names are coded as "\1".
Ch1=EXT_D,,0.5,µV
Ch2=FLE_D,,0.5,µV
Ch3=EXT_G,,0.5,µV
Ch4=FLE_G,,0.5,µV

[Comment]

BrainVision Recorder Professional   -   V. 1.21.0402


A m p l i f i e r  S e t u p
============================
Number of channels: 4
Sampling Rate [Hz]: 5000
Sampling Interval [µS]: 200

Channels
--------
#     Name      Phys. Chn.    Resolution / Unit   Low Cutoff [s]   High Cutoff [Hz]   Notch [Hz]    Series Res. [kOhm] Gradient         Offset
1     EXT_D       1                0.5 µV             10              250              Off               20                 
2     FLE_D       2                0.5 µV             10              250              Off               20                 
3     EXT_G       3                0.5 µV             10              250              Off               20                 
4     FLE_G       4                0.5 µV             10              250              Off               20                 

S o f t w a r e  F i l t e r s
==============================
Disabled


Data Electrodes Selected Impedance Measurement Range: 0 - 50 kOhm
Impedance [kOhm] at 14:50:15 :
EXT_D+:      19
EXT_D-:      18
FLE_D+:      19
FLE_D-:      19
EXT_G+:       4
EXT_G-:       3
FLE_G+:      35
FLE_G-:      35
